GEM
  remote: https://rubygems.org/
  specs:
    cpf_utils (1.3.1)
    lerolero_generator (1.0.1)

PLATFORMS
  ruby
  x86_64-linux

DEPENDENCIES
  cpf_utils
  lerolero_generator

BUNDLED WITH
   2.5.5
